FRAMEWORK: >= NET46
NUGET
  remote: https://www.nuget.org/api/v2
    Autofac (4.3)
    Castle.Core (3.3.3)
    CommonServiceLocator (1.3)
    LibGit2Sharp (0.23.1)
      LibGit2Sharp.NativeBinaries (1.0.164)
    LibGit2Sharp.NativeBinaries (1.0.164)
    log4net (2.0.7)
    Moq (4.5.30)
      Castle.Core (>= 3.3.3)
    MvvmLight (5.3)
      MvvmLightLibs (>= 5.3)
    MvvmLightLibs (5.3)
      CommonServiceLocator (>= 1.3)
    xunit (2.1)
      xunit.assert (2.1)
      xunit.core (2.1)
    xunit.abstractions (2.0)
    xunit.assert (2.1)
    xunit.core (2.1)
      xunit.extensibility.core (2.1)
      xunit.extensibility.execution (2.1)
    xunit.extensibility.core (2.1)
      xunit.abstractions (2.0)
    xunit.extensibility.execution (2.1)
      xunit.extensibility.core (2.1)
